GEM
  remote: https://rubygems.org/
  specs:
    coveralls (0.8.11)
      json (~> 1.8)
      simplecov (~> 0.11.0)
      term-ansicolor (~> 1.3)
      thor (~> 0.19.1)
      tins (~> 1.6.0)
    docile (1.1.5)
    haml (4.0.7)
      tilt
    json (1.8.3)
    power_assert (0.2.7)
    rack (1.6.4)
    rack-protection (1.5.3)
      rack
    rack-test (0.6.3)
      rack (>= 1.0)
    rake (10.5.0)
    sass (3.4.21)
    simplecov (0.11.2)
      docile (~> 1.1.0)
      json (~> 1.8)
      simplecov-html (~> 0.10.0)
    simplecov-html (0.10.0)
    sinatra (1.4.7)
      rack (~> 1.5)
      rack-protection (~> 1.4)
      tilt (>= 1.3, < 3)
    term-ansicolor (1.3.2)
      tins (~> 1.0)
    test-unit (3.1.7)
      power_assert
    thor (0.19.1)
    tilt (2.0.2)
    tins (1.6.0)

PLATFORMS
  ruby

DEPENDENCIES
  coveralls
  haml
  rack-test
  rake
  sass
  sinatra
  test-unit

BUNDLED WITH
   1.11.2
