GEM
  remote: https://rubygems.org/
  specs:
    codecov (0.1.5)
      json
      simplecov
      url
    docile (1.1.5)
    haml (4.0.7)
      tilt
    json (1.8.3)
    power_assert (0.3.0)
    rack (1.6.4)
    rack-protection (1.5.3)
      rack
    rack-test (0.6.3)
      rack (>= 1.0)
    rake (11.2.2)
    sass (3.4.22)
    simplecov (0.11.2)
      docile (~> 1.1.0)
      json (~> 1.8)
      simplecov-html (~> 0.10.0)
    simplecov-html (0.10.0)
    sinatra (1.4.7)
      rack (~> 1.5)
      rack-protection (~> 1.4)
      tilt (>= 1.3, < 3)
    test-unit (3.2.0)
      power_assert
    tilt (2.0.5)
    url (0.3.2)

PLATFORMS
  ruby

DEPENDENCIES
  codecov
  haml
  rack-test
  rake
  sass
  sinatra
  test-unit

BUNDLED WITH
   1.11.2
