GEM
  remote: https://rubygems.org/
  specs:
    haml (4.0.7)
      tilt
    power_assert (0.2.4)
    rack (1.6.4)
    rack-protection (1.5.3)
      rack
    rack-test (0.6.3)
      rack (>= 1.0)
    rake (10.4.2)
    sass (3.4.18)
    sinatra (1.4.6)
      rack (~> 1.4)
      rack-protection (~> 1.4)
      tilt (>= 1.3, < 3)
    test-unit (3.1.3)
      power_assert
    tilt (2.0.1)

PLATFORMS
  ruby

DEPENDENCIES
  haml
  rack-test
  rake
  sass
  sinatra
  test-unit

BUNDLED WITH
   1.10.6
